PATH
  remote: .
  specs:

GEM
  remote: https://rubygems.org/
  specs:
    binding_of_caller (0.7.2)
      debug_inspector (>= 0.0.1)
    byebug (2.7.0)
      columnize (~> 0.3)
      debugger-linecache (~> 1.2)
    coderay (1.1.0)
    columnize (0.3.6)
    debug_inspector (0.0.2)
    debugger-linecache (1.2.0)
    interception (0.5)
    method_source (0.8.2)
    minitest (5.8.4)
    minitest-focus (1.1.2)
      minitest (>= 4, < 6)
    pry (0.9.12.4)
      coderay (~> 1.0)
      method_source (~> 0.8)
      slop (~> 3.4)
    pry-byebug (1.3.2)
      byebug (~> 2.7)
      pry (~> 0.9.12)
    pry-rescue (1.4.2)
      interception (>= 0.5)
      pry
    pry-stack_explorer (0.4.9.2)
      binding_of_caller (>= 0.7)
      pry (>= 0.9.11)
    rake (10.3.2)
    slop (3.6.0)
    terminal-table (1.5.2)

PLATFORMS
  ruby

DEPENDENCIES
  algs4ruby!
  bundler (~> 1.10)
  minitest (~> 5.0)
  minitest-focus
  pry-byebug
  pry-rescue
  pry-stack_explorer
  rake (~> 10.0)
  terminal-table

BUNDLED WITH
   1.11.2
